PATH
  remote: .
  specs:
    berater (0.15.1)
      meddleware (>= 0.3)
      redis (>= 3)

GEM
  remote: https://rubygems.org/
  specs:
    benchmark (0.3.0)
    byebug (11.1.3)
    connection_pool (2.4.1)
    datadog-ci (0.8.3)
      msgpack
    ddtrace (1.23.0)
      datadog-ci (~> 0.8.1)
      debase-ruby_core_source (= 3.3.1)
      libdatadog (~> 7.0.0.1.0)
      libddwaf (~> 1.14.0.0.0)
      msgpack
    debase-ruby_core_source (3.3.1)
    diff-lcs (1.5.1)
    docile (1.4.0)
    dogstatsd-ruby (5.6.1)
    ffi (1.17.0)
    libdatadog (7.0.0.1.0)
    libddwaf (1.14.0.0.0)
      ffi (~> 1.0)
    meddleware (0.4.0)
    msgpack (1.7.2)
    redis (5.2.0)
      redis-client (>= 0.22.0)
    redis-client (0.22.2)
      connection_pool
    rspec (3.13.0)
      rspec-core (~> 3.13.0)
      rspec-expectations (~> 3.13.0)
      rspec-mocks (~> 3.13.0)
    rspec-core (3.13.0)
      rspec-support (~> 3.13.0)
    rspec-expectations (3.13.0)
      diff-lcs (>= 1.2.0, < 2.0)
      rspec-support (~> 3.13.0)
    rspec-mocks (3.13.1)
      diff-lcs (>= 1.2.0, < 2.0)
      rspec-support (~> 3.13.0)
    rspec-support (3.13.1)
    simplecov (0.22.0)
      docile (~> 1.1)
      simplecov-html (~> 0.11)
      simplecov_json_formatter (~> 0.1)
    simplecov-html (0.12.3)
    simplecov_json_formatter (0.1.4)
    timecop (0.9.9)

PLATFORMS
  ruby

DEPENDENCIES
  benchmark
  berater!
  byebug
  ddtrace (>= 1)
  dogstatsd-ruby (>= 4.3)
  rspec
  simplecov
  timecop

BUNDLED WITH
   2.5.10
